GIT
  remote: git://github.com/marcinruszkiewicz/gosu-tiled.git
  revision: eba00d520291cbb2995c8a7902523267a4f224bd
  branch: development
  specs:
    gosu_tiled (0.2)
      gosu
      json

GEM
  remote: https://rubygems.org/
  specs:
    coderay (1.1.1)
    gosu (0.10.7)
    gosu_texture_packer (0.1.6)
      gosu
      json
    json (1.8.3)
    method_source (0.8.2)
    pry (0.10.3)
      coderay (~> 1.1.0)
      method_source (~> 0.8.1)
      slop (~> 3.4)
    rake (11.2.2)
    rmagick (2.15.4)
    slop (3.6.0)

PLATFORMS
  ruby

DEPENDENCIES
  gosu
  gosu_texture_packer
  gosu_tiled!
  pry
  rake
  rmagick

BUNDLED WITH
   1.12.5
