GEM
  remote: https://rubygems.org/
  specs:
    gosu (0.10.7)
    gosu_texture_packer (0.1.6)
      gosu
      json
    gosu_tiled (0.1.1)
      gosu
      json
    json (1.8.3)
    rake (11.1.2)
    rmagick (2.15.4)

PLATFORMS
  ruby

DEPENDENCIES
  gosu
  gosu_texture_packer
  gosu_tiled
  rake
  rmagick

BUNDLED WITH
   1.12.5
